GEM
  remote: http://rubygems.org/
  specs:
    rake (0.8.7)
    rspec (1.3.0)
    yard (0.6.1)

PLATFORMS
  ruby

DEPENDENCIES
  rake
  rspec
  yard
